GEM
  remote: https://rubygems.org/
  specs:
    mysql (2.9.1)

PLATFORMS
  ruby

DEPENDENCIES
  mysql!

BUNDLED WITH
   1.13.6
